GEM
  remote: https://rubygems.org/
  specs:
    addressable (2.3.7)
    css_parser (1.3.6)
      addressable
    daemons (1.1.9)
    eventmachine (1.0.7)
    hpricot (0.8.6)
    htmlentities (4.3.1)
    mini_portile (0.6.2)
    nokogiri (1.6.6.2)
      mini_portile (~> 0.6.0)
    premailer (1.8.3)
      css_parser (>= 1.3.6)
      htmlentities (>= 4.0.0, <= 4.3.1)
    rack (1.5.2)
    rack-protection (1.5.3)
      rack
    shotgun (0.9)
      rack (>= 1.0)
    sinatra (1.4.5)
      rack (~> 1.4)
      rack-protection (~> 1.4)
      tilt (~> 1.3, >= 1.3.4)
    thin (1.6.3)
      daemons (~> 1.0, >= 1.0.9)
      eventmachine (~> 1.0)
      rack (~> 1.0)
    tilt (1.4.1)

PLATFORMS
  ruby

DEPENDENCIES
  hpricot
  nokogiri
  premailer
  shotgun
  sinatra
  thin
